PATH
  remote: .
  specs:
    ruby-saml (0.0.4)
      uuid (= 2.3.1)
      xmlcanonicalizer (>= 0.1.0)

GEM
  remote: http://rubygems.org/
  specs:
    diff-lcs (1.1.2)
    macaddr (1.0.0)
    rspec (2.0.0.rc)
      rspec-core (= 2.0.0.rc)
      rspec-expectations (= 2.0.0.rc)
      rspec-mocks (= 2.0.0.rc)
    rspec-core (2.0.0.rc)
    rspec-expectations (2.0.0.rc)
      diff-lcs (>= 1.1.2)
    rspec-mocks (2.0.0.rc)
      rspec-core (= 2.0.0.rc)
      rspec-expectations (= 2.0.0.rc)
    uuid (2.3.1)
      macaddr (~> 1.0)
    watchr (0.7)
    xmlcanonicalizer (0.1.0)

PLATFORMS
  ruby

DEPENDENCIES
  bundler (>= 1.0.0)
  rspec (= 2.0.0.rc)
  ruby-saml!
  uuid (= 2.3.1)
  watchr (= 0.7)
  xmlcanonicalizer (>= 0.1.0)
